GEM
  remote: https://rubygems.org/
  specs:
    childprocess (0.9.0)
      ffi (~> 1.0, >= 1.0.11)
    colorize (0.8.1)
    ffi (1.9.25)
    iniparse (1.4.4)
    net-ssh (5.0.2)
    overcommit (0.46.0)
      childprocess (~> 0.6, >= 0.6.3)
      iniparse (~> 1.4)
    trent (0.3.0)
      colorize (~> 0.8, >= 0.8.1)
      net-ssh (~> 5.0, >= 5.0.2)

PLATFORMS
  ruby

DEPENDENCIES
  overcommit (~> 0.46.0)
  trent (~> 0.3.0)

BUNDLED WITH
   1.17.1
